GEM
  remote: http://rubygems.org/
  specs:
    active_model_serializers (0.6.0)
      activemodel (>= 3.0)
    activemodel (3.2.11)
      activesupport (= 3.2.11)
      builder (~> 3.0.0)
    activesupport (3.2.11)
      i18n (~> 0.6)
      multi_json (~> 1.0)
    builder (3.0.4)
    execjs (1.4.0)
      multi_json (~> 1.0)
    i18n (0.6.1)
    json (1.7.6)
    libv8 (3.11.8.11)
    multi_json (1.4.0)
    puma (1.6.3)
      rack (~> 1.2)
    rack (1.4.1)
    rack-rewrite (1.3.1)
    rake (0.9.5)
    rake-pipeline (0.7.0)
      json
      rake (~> 0.9.0)
      thor
    rake-pipeline-web-filters (0.7.0)
      rack
      rake-pipeline (~> 0.6)
    ref (1.0.2)
    therubyracer (0.11.1)
      libv8 (~> 3.11.8.7)
      ref
    thor (0.16.0)
    tilt (1.3.3)
    uglifier (1.3.0)
      execjs (>= 0.3.0)
      multi_json (~> 1.0, >= 1.0.2)
    webmachine (1.0.0)
      i18n (>= 0.4.0)
      multi_json

PLATFORMS
  ruby

DEPENDENCIES
  active_model_serializers
  bundler (~> 1.2.0)
  puma
  rack
  rack-rewrite
  rake
  rake-pipeline
  rake-pipeline-web-filters
  therubyracer
  tilt
  uglifier
  webmachine
